PATH
  remote: .
  specs:
    avm-tools (0.58.0)
      aranha-parsers (~> 0.4)
      clipboard (~> 1.3, >= 1.3.3)
      content-type (~> 0.0.1)
      curb (~> 0.9.10)
      eac_cli (~> 0.3)
      eac_docker (~> 0.2)
      eac_git (~> 0.2)
      eac_ruby_base0 (~> 0.1)
      eac_ruby_gems_utils (~> 0.6)
      eac_ruby_utils (~> 0.41)
      filesize
      git (~> 1.7)
      htmlbeautifier (~> 1.3, >= 1.3.1)
      minitar
      ruby-progressbar (~> 1.10, >= 1.10.1)

PATH
  remote: vendor/eac_docker
  specs:
    eac_docker (0.2.0)
      eac_ruby_utils (~> 0.36)

PATH
  remote: vendor/eac_git
  specs:
    eac_git (0.2.0)
      eac_ruby_utils (~> 0.37)
      parseconfig (~> 1.0, >= 1.0.8)

PATH
  remote: vendor/eac_ruby_base0
  specs:
    eac_ruby_base0 (0.1.0)
      eac_cli (~> 0.3)
      eac_ruby_gems_utils (~> 0.6)
      eac_ruby_utils (~> 0.39)

PATH
  remote: vendor/eac_ruby_gems_utils
  specs:
    eac_ruby_gems_utils (0.6.0)
      eac_ruby_utils (~> 0.29)

PATH
  remote: vendor/eac_ruby_utils
  specs:
    eac_ruby_utils (0.42.0)
      activesupport (>= 4.0)
      addressable (~> 2.6)
      colorize (~> 0.8.1)
      docopt (~> 0.6.1)
      net-ssh (~> 4.2)

GEM
  remote: https://rubygems.org/
  specs:
    activesupport (5.2.4.3)
      concurrent-ruby (~> 1.0, >= 1.0.2)
      i18n (>= 0.7, < 2)
      minitest (~> 5.1)
      tzinfo (~> 1.1)
    addressable (2.7.0)
      public_suffix (>= 2.0.2, < 5.0)
    aranha-parsers (0.5.0)
      activesupport (>= 4.0.0)
      addressable (~> 2.7)
      curb (~> 0.9.10)
      eac_ruby_utils (~> 0.33, >= 0.33.1)
      httpclient (~> 2.8, >= 2.8.3)
      ofx-parser (~> 1.1.0)
    ast (2.4.1)
    clipboard (1.3.4)
    colorize (0.8.1)
    concurrent-ruby (1.1.6)
    content-type (0.0.1)
      parslet (~> 1.5)
    curb (0.9.10)
    diff-lcs (1.4.4)
    docopt (0.6.1)
    eac_cli (0.3.0)
      eac_ruby_utils (~> 0.23)
    eac_ruby_gem_support (0.1.2)
      rspec (~> 3.9)
      rubocop (~> 0.80.1)
      rubocop-rails (~> 2.4.2)
      rubocop-rspec (~> 1.38.1)
    filesize (0.2.0)
    git (1.7.0)
      rchardet (~> 1.8)
    hpricot (0.8.6)
    htmlbeautifier (1.3.1)
    httpclient (2.8.3)
    i18n (1.8.4)
      concurrent-ruby (~> 1.0)
    jaro_winkler (1.5.4)
    minitar (0.9)
    minitest (5.14.1)
    net-ssh (4.2.0)
    ofx-parser (1.1.0)
      hpricot (>= 0.6)
    parallel (1.19.2)
    parseconfig (1.0.8)
    parser (2.7.1.4)
      ast (~> 2.4.1)
    parslet (1.8.2)
    public_suffix (4.0.5)
    rack (2.2.3)
    rainbow (3.0.0)
    rchardet (1.8.0)
    rexml (3.2.4)
    rspec (3.9.0)
      rspec-core (~> 3.9.0)
      rspec-expectations (~> 3.9.0)
      rspec-mocks (~> 3.9.0)
    rspec-core (3.9.2)
      rspec-support (~> 3.9.3)
    rspec-expectations (3.9.2)
      diff-lcs (>= 1.2.0, < 2.0)
      rspec-support (~> 3.9.0)
    rspec-mocks (3.9.1)
      diff-lcs (>= 1.2.0, < 2.0)
      rspec-support (~> 3.9.0)
    rspec-support (3.9.3)
    rubocop (0.80.1)
      jaro_winkler (~> 1.5.1)
      parallel (~> 1.10)
      parser (>= 2.7.0.1)
      rainbow (>= 2.2.2, < 4.0)
      rexml
      ruby-progressbar (~> 1.7)
      unicode-display_width (>= 1.4.0, < 1.7)
    rubocop-rails (2.4.2)
      rack (>= 1.1)
      rubocop (>= 0.72.0)
    rubocop-rspec (1.38.1)
      rubocop (>= 0.68.1)
    ruby-progressbar (1.10.1)
    thread_safe (0.3.6)
    tzinfo (1.2.7)
      thread_safe (~> 0.1)
    unicode-display_width (1.6.1)

PLATFORMS
  ruby

DEPENDENCIES
  avm-tools!
  eac_docker!
  eac_git!
  eac_ruby_base0!
  eac_ruby_gem_support (~> 0.1, >= 0.1.2)
  eac_ruby_gems_utils!
  eac_ruby_utils!

BUNDLED WITH
   1.17.3
