PATH
  remote: .
  specs:
    avm-tools (0.106.0)
      aranha-parsers (~> 0.4)
      asciidoctor (~> 2.0, >= 2.0.12)
      avm (~> 0.1)
      avm-apps (~> 0.2)
      avm-eac_asciidoctor_base0
      clipboard (~> 1.3, >= 1.3.3)
      content-type (~> 0.0.1)
      curb (~> 0.9.10)
      eac_docker (~> 0.2)
      eac_git (~> 0.2)
      eac_ruby_base0 (~> 0.7, >= 0.7.2)
      eac_ruby_gems_utils (~> 0.6, >= 0.6.1)
      eac_templates (~> 0.1)
      filesize
      git (~> 1.7)
      htmlbeautifier (~> 1.3, >= 1.3.1)
      minitar
      os
      ruby-progressbar (~> 1.10, >= 1.10.1)

PATH
  remote: vendor/avm-apps
  specs:
    avm-apps (0.4.1)
      eac_ruby_utils (~> 0.67)

PATH
  remote: vendor/avm-eac_asciidoctor_base0
  specs:
    avm-eac_asciidoctor_base0 (0.3.1)
      asciidoctor (~> 2.0, >= 2.0.12)
      avm-eac_webapp_base0 (~> 0.1)
      eac_ruby_utils (~> 0.63)
      os
      rouge (~> 3.26)

PATH
  remote: vendor/avm-eac_rails_base1
  specs:
    avm-eac_rails_base1 (0.1.2)
      avm-eac_webapp_base0 (~> 0.1)
      eac_ruby_utils (~> 0.68)

PATH
  remote: vendor/avm-eac_redmine_base0
  specs:
    avm-eac_redmine_base0 (0.2.0)
      avm-eac_rails_base1 (~> 0.1)
      eac_ruby_utils (~> 0.68)

PATH
  remote: vendor/avm-eac_webapp_base0
  specs:
    avm-eac_webapp_base0 (0.1.1)
      avm (~> 0.1)
      eac_ruby_utils (~> 0.68)

PATH
  remote: vendor/avm
  specs:
    avm (0.3.2)
      eac_docker (~> 0.3)
      eac_git (~> 0.6)
      eac_ruby_utils (~> 0.68)
      eac_templates (~> 0.1, >= 0.1.1)

PATH
  remote: vendor/eac_cli
  specs:
    eac_cli (0.23.0)
      colorize (~> 0.8.1)
      eac_config (~> 0.5, >= 0.5.1)
      eac_ruby_utils (~> 0.70)

PATH
  remote: vendor/eac_config
  specs:
    eac_config (0.5.1)
      addressable
      eac_ruby_utils (~> 0.70)

PATH
  remote: vendor/eac_docker
  specs:
    eac_docker (0.4.1)
      eac_ruby_utils (~> 0.74)
      eac_templates (~> 0.1)

PATH
  remote: vendor/eac_git
  specs:
    eac_git (0.8.0)
      eac_ruby_utils (~> 0.74)
      parseconfig (~> 1.0, >= 1.0.8)

PATH
  remote: vendor/eac_ruby_base0
  specs:
    eac_ruby_base0 (0.10.1)
      eac_cli (~> 0.22, >= 0.22.2)
      eac_ruby_gems_utils (~> 0.9.5, ~> 0.9)
      eac_ruby_utils (~> 0.70)

PATH
  remote: vendor/eac_ruby_gems_utils
  specs:
    eac_ruby_gems_utils (0.9.5)
      bundler (~> 2.2, >= 2.2.17)
      eac_ruby_utils (~> 0.70)

PATH
  remote: vendor/eac_ruby_utils
  specs:
    eac_ruby_utils (0.75.0)
      activesupport (>= 4.0)
      addressable (~> 2.6)
      filesize
      net-ssh (~> 4.2)

PATH
  remote: vendor/eac_templates
  specs:
    eac_templates (0.1.2)
      eac_config (~> 0.5)
      eac_ruby_utils (~> 0.64)

GEM
  remote: https://rubygems.org/
  specs:
    activesupport (6.1.4.1)
      concurrent-ruby (~> 1.0, >= 1.0.2)
      i18n (>= 1.6, < 2)
      minitest (>= 5.1)
      tzinfo (~> 2.0)
      zeitwerk (~> 2.3)
    addressable (2.8.0)
      public_suffix (>= 2.0.2, < 5.0)
    aranha-parsers (0.8.5)
      activesupport (>= 4.0.0)
      addressable (~> 2.7)
      curb (~> 0.9.10)
      eac_ruby_utils (~> 0.74)
      httpclient (~> 2.8, >= 2.8.3)
      nokogiri (~> 1.12, >= 1.12.4)
      ofx-parser (~> 1.1.0)
    asciidoctor (2.0.16)
    ast (2.4.2)
    clipboard (1.3.6)
    colorize (0.8.1)
    concurrent-ruby (1.1.9)
    content-type (0.0.1)
      parslet (~> 1.5)
    curb (0.9.11)
    diff-lcs (1.4.4)
    eac_ruby_gem_support (0.4.0)
      eac_ruby_utils (~> 0.74)
      rspec (~> 3.9)
      rubocop (~> 0.80.1)
      rubocop-rails (~> 2.4.2)
      rubocop-rspec (~> 1.38.1)
    filesize (0.2.0)
    git (1.9.1)
      rchardet (~> 1.8)
    hpricot (0.8.6)
    htmlbeautifier (1.3.1)
    httpclient (2.8.3)
    i18n (1.8.10)
      concurrent-ruby (~> 1.0)
    jaro_winkler (1.5.4)
    minitar (0.9)
    minitest (5.14.4)
    net-ssh (4.2.0)
    nokogiri (1.12.4-x86_64-linux)
      racc (~> 1.4)
    ofx-parser (1.1.0)
      hpricot (>= 0.6)
    os (1.1.1)
    parallel (1.21.0)
    parseconfig (1.1.0)
    parser (3.0.2.0)
      ast (~> 2.4.1)
    parslet (1.8.2)
    public_suffix (4.0.6)
    racc (1.5.2)
    rack (2.2.3)
    rainbow (3.0.0)
    rchardet (1.8.0)
    rexml (3.2.5)
    rouge (3.26.1)
    rspec (3.10.0)
      rspec-core (~> 3.10.0)
      rspec-expectations (~> 3.10.0)
      rspec-mocks (~> 3.10.0)
    rspec-core (3.10.1)
      rspec-support (~> 3.10.0)
    rspec-expectations (3.10.1)
      diff-lcs (>= 1.2.0, < 2.0)
      rspec-support (~> 3.10.0)
    rspec-mocks (3.10.2)
      diff-lcs (>= 1.2.0, < 2.0)
      rspec-support (~> 3.10.0)
    rspec-support (3.10.2)
    rubocop (0.80.1)
      jaro_winkler (~> 1.5.1)
      parallel (~> 1.10)
      parser (>= 2.7.0.1)
      rainbow (>= 2.2.2, < 4.0)
      rexml
      ruby-progressbar (~> 1.7)
      unicode-display_width (>= 1.4.0, < 1.7)
    rubocop-rails (2.4.2)
      rack (>= 1.1)
      rubocop (>= 0.72.0)
    rubocop-rspec (1.38.1)
      rubocop (>= 0.68.1)
    ruby-progressbar (1.11.0)
    tzinfo (2.0.4)
      concurrent-ruby (~> 1.0)
    unicode-display_width (1.6.1)
    zeitwerk (2.4.2)

PLATFORMS
  x86_64-linux

DEPENDENCIES
  avm!
  avm-apps!
  avm-eac_asciidoctor_base0!
  avm-eac_rails_base1!
  avm-eac_redmine_base0!
  avm-eac_webapp_base0!
  avm-tools!
  eac_cli!
  eac_config!
  eac_docker!
  eac_git!
  eac_ruby_base0!
  eac_ruby_gem_support (~> 0.2)
  eac_ruby_gems_utils!
  eac_ruby_utils!
  eac_templates!

BUNDLED WITH
   2.2.25
