PATH
  remote: .
  specs:
    avm-tools (0.44.2)
      aranha-parsers (~> 0.4)
      clipboard (~> 1.3, >= 1.3.3)
      content-type (~> 0.0.1)
      eac_launcher (~> 0.8)
      eac_ruby_gems_utils (~> 0.4)
      eac_ruby_utils (~> 0.30)
      filesize
      htmlbeautifier (~> 1.3, >= 1.3.1)
      minitar

GEM
  remote: https://rubygems.org/
  specs:
    activesupport (5.2.4.2)
      concurrent-ruby (~> 1.0, >= 1.0.2)
      i18n (>= 0.7, < 2)
      minitest (~> 5.1)
      tzinfo (~> 1.1)
    addressable (2.7.0)
      public_suffix (>= 2.0.2, < 5.0)
    aranha-parsers (0.4.0)
      activesupport (>= 4.0.0)
      addressable (~> 2.7)
      curb (~> 0.9.10)
      httpclient (~> 2.8, >= 2.8.3)
    ast (2.4.0)
    clipboard (1.3.4)
    colorize (0.8.1)
    concurrent-ruby (1.1.6)
    content-type (0.0.1)
      parslet (~> 1.5)
    curb (0.9.10)
    diff-lcs (1.3)
    docopt (0.6.1)
    eac_launcher (0.8.0)
      curb (~> 0.9.4)
      eac_ruby_utils (~> 0.24, >= 0.24.1)
      git (~> 1.6)
      ruby-progressbar
    eac_ruby_gems_utils (0.4.0)
      eac_ruby_utils (~> 0.29)
    eac_ruby_utils (0.32.0)
      activesupport (>= 4.0)
      addressable (~> 2.6)
      colorize (~> 0.8.1)
      docopt (~> 0.6.1)
      net-ssh (~> 4.2)
    filesize (0.2.0)
    git (1.7.0)
      rchardet (~> 1.8)
    htmlbeautifier (1.3.1)
    httpclient (2.8.3)
    i18n (1.8.2)
      concurrent-ruby (~> 1.0)
    jaro_winkler (1.5.4)
    minitar (0.9)
    minitest (5.14.0)
    net-ssh (4.2.0)
    parallel (1.19.1)
    parser (2.7.1.2)
      ast (~> 2.4.0)
    parslet (1.8.2)
    public_suffix (4.0.5)
    rainbow (3.0.0)
    rchardet (1.8.0)
    rexml (3.2.4)
    rspec (3.8.0)
      rspec-core (~> 3.8.0)
      rspec-expectations (~> 3.8.0)
      rspec-mocks (~> 3.8.0)
    rspec-core (3.8.2)
      rspec-support (~> 3.8.0)
    rspec-expectations (3.8.6)
      diff-lcs (>= 1.2.0, < 2.0)
      rspec-support (~> 3.8.0)
    rspec-mocks (3.8.2)
      diff-lcs (>= 1.2.0, < 2.0)
      rspec-support (~> 3.8.0)
    rspec-support (3.8.3)
    rubocop (0.80.1)
      jaro_winkler (~> 1.5.1)
      parallel (~> 1.10)
      parser (>= 2.7.0.1)
      rainbow (>= 2.2.2, < 4.0)
      rexml
      ruby-progressbar (~> 1.7)
      unicode-display_width (>= 1.4.0, < 1.7)
    rubocop-rspec (1.39.0)
      rubocop (>= 0.68.1)
    ruby-progressbar (1.10.1)
    thread_safe (0.3.6)
    tzinfo (1.2.7)
      thread_safe (~> 0.1)
    unicode-display_width (1.6.1)

PLATFORMS
  ruby

DEPENDENCIES
  avm-tools!
  rspec (= 3.8)
  rubocop (= 0.80.1)
  rubocop-rspec (~> 1.34, >= 1.34.1)

BUNDLED WITH
   1.17.3
